GIT
  remote: https://github.com/manfe/refile.git
  revision: 46b4178654e60bb5846b1423acf6d0740cdecc25
  specs:
    refile (0.6.2)
      mime-types
      rest-client (~> 2)
      sinatra (~> 2.0.0.beta2)

GEM
  remote: https://rubygems.org/
  specs:
    autoprefixer-rails (10.4.7.0)
      execjs (~> 2)
    bcrypt (3.1.17)
    bindex (0.8.1)
    bootsnap (1.11.1)
      msgpack (~> 1.2)
    bootstrap (4.6.1)
      autoprefixer-rails (>= 9.1.0)
      popper_js (>= 1.14.3, < 2)
      sassc-rails (>= 2.0.0)
    bulma-rails (0.9.3)
      sassc (~> 2.0)
    capybara (3.37.1)
      matrix
      regexp_parser (>= 1.5, < 3.0)
      xpath (~> 3.2)
    childprocess (4.1.0)
    debug (1.5.0)
      irb (>= 1.3.6)
      reline (>= 0.2.7)
    devise (4.8.1)
      bcrypt (~> 3.0)
      orm_adapter (~> 0.1)
      railties (>= 4.1.0)
      responders
      warden (~> 1.2.3)
    diff-lcs (1.5.0)
    domain_name (0.5.20190701)
      unf (>= 0.0.5, < 1.0.0)
    execjs (2.8.1)
    factory_bot (6.2.1)
    factory_bot_rails (6.2.0)
      factory_bot (~> 6.2.0)
      railties (>= 5.0.0)
    ffi (1.15.5)
    ffi (1.15.5-x64-mingw32)
    http-accept (1.7.0)
    http-cookie (1.0.4)
      domain_name (~> 0.5)
    importmap-rails (1.0.3)
      railties (>= 6.0.0)
    io-console (0.5.11)
    irb (1.4.1)
      reline (>= 0.3.0)
    jquery-rails (4.4.0)
      railties (>= 4.2.0)
      thor (>= 0.14, < 2.0)
    matrix (0.4.2)
    method_source (1.0.0)
    mime-types (3.4.1)
      mime-types-data (~> 3.2015)
    mime-types-data (3.2022.0105)
    mini_magick (4.11.0)
    msgpack (1.5.1)
    mustermann (1.1.1)
      ruby2_keywords (~> 0.0.1)
    netrc (0.11.0)
    orm_adapter (0.5.0)
    pg (1.3.5)
    pg (1.3.5-x64-mingw32)
    popper_js (1.16.0)
    puma (5.6.4)
   
    rails (6.1.6)
      bundler (>= 1.15.0)
      railties (= 6.1.6)
      sprockets-rails (>= 2.0.0)
    railties (6.1.6)
      method_source
      rake (>= 12.2)
      thor (~> 1.0)
    rake (13.0.1)
    refile-mini_magick (0.2.0)
      mini_magick (~> 4.0)
      refile (~> 0.5)
    regexp_parser (2.4.0)
    reline (0.3.1)
      io-console (~> 0.5)
    responders (3.0.1)
      railties (>= 5.0)
    rest-client (2.1.0)
      http-accept (>= 1.7.0, < 2.0)
      http-cookie (>= 1.0.2, < 2.0)
      mime-types (>= 1.16, < 4.0)
      netrc (~> 0.8)
    rest-client (2.1.0-x64-mingw32)
      ffi (~> 1.9)
      http-accept (>= 1.7.0, < 2.0)
      http-cookie (>= 1.0.2, < 2.0)
      mime-types (>= 1.16, < 4.0)
      netrc (~> 0.8)
    rexml (3.2.5)
    rspec-core (3.11.0)
      rspec-support (~> 3.11.0)
    rspec-expectations (3.11.0)
      diff-lcs (>= 1.2.0, < 2.0)
      rspec-support (~> 3.11.0)
    rspec-mocks (3.11.1)
      diff-lcs (>= 1.2.0, < 2.0)
      rspec-support (~> 3.11.0)
    rspec-rails (5.1.2)
      railties (>= 5.2)
      rspec-core (~> 3.10)
      rspec-expectations (~> 3.10)
      rspec-mocks (~> 3.10)
      rspec-support (~> 3.10)
    rspec-support (3.11.0)
    ruby2_keywords (0.0.5)
    rubyzip (2.3.2)
    sassc (2.4.0)
      ffi (~> 1.9)
    sassc (2.4.0-x64-mingw32)
      ffi (~> 1.9)
    sassc-rails (2.1.2)
      railties (>= 4.0.0)
      sassc (>= 2.0)
      sprockets (> 3.0)
      sprockets-rails
      tilt
    selenium-webdriver (4.1.0)
      childprocess (>= 0.5, < 5.0)
      rexml (~> 3.2, >= 3.2.5)
      rubyzip (>= 1.2.2)
    semantic_range (3.0.0)
    sinatra (2.0.8.1)
      mustermann (~> 1.0)
      tilt (~> 2.0)
    sprockets (4.0.3)
    sprockets-rails (3.4.2)
      sprockets (>= 3.0.0)
    sqlite3 (1.4.2)
    stimulus-rails (1.0.4)
      railties (>= 6.0.0)
    thor (1.2.1)
    tilt (2.0.10)
    turbo-rails (1.0.1)
      railties (>= 6.0.0)
    unf (0.1.4)
      unf_ext
    unf_ext (0.0.8.1)
    unf_ext (0.0.8.1-x64-mingw32)
    warden (1.2.9)
    web-console (4.2.0)
      bindex (>= 0.4.0)
      railties (>= 6.0.0)
    webdrivers (5.0.0)
      rubyzip (>= 1.3.0)
      selenium-webdriver (~> 4.0)
    webpacker (5.4.3)
      railties (>= 5.2)
      semantic_range (>= 2.3.0)
     
    xpath (3.2.0)

PLATFORMS
  arm64-darwin-20
  ruby
  x64-mingw32
  x86_64-linux

DEPENDENCIES
  bootsnap
  bootstrap (~> 4.5)
  bulma-rails
  capybara
  debug
  devise
  factory_bot_rails
  importmap-rails
  jquery-rails
  pg
  puma (~> 5.0)
  rails (~> 6.1.4, >= 6.1.4.1)
  rake (~> 13.0.1)
  refile!
  refile-mini_magick
  rspec-rails
  selenium-webdriver
  sprockets-rails
  sqlite3 (~> 1.4)
  stimulus-rails
  turbo-rails
  web-console
  webdrivers
  webpacker (~> 5.0)

RUBY VERSION
   ruby 2.7.0p0

BUNDLED WITH
   2.3.13
